GEM
  remote: http://rubygems.org/
  specs:
    jruby_mahout (0.2.1)

PLATFORMS
  java
  ruby

DEPENDENCIES
  jruby_mahout
